GEM
  remote: http://rubygems.org/
  specs:
    hipchat (0.9.0)
      httparty
      httparty
    httparty (0.11.0)
      multi_json (~> 1.0)
      multi_xml (>= 0.5.2)
    json (1.8.0)
    multi_json (1.7.3)
    multi_xml (0.5.3)
    rack (1.5.2)
    rack-protection (1.5.0)
      rack
    redis (3.0.5)
    sinatra (1.4.2)
      rack (~> 1.5, >= 1.5.2)
      rack-protection (~> 1.4)
      tilt (~> 1.3, >= 1.3.4)
    tilt (1.4.1)

PLATFORMS
  ruby

DEPENDENCIES
  hipchat
  json
  redis
  sinatra
